GEM
  remote: https://rubygems.org/
  specs:
    coderay (1.1.1)
    dotenv (2.1.0)
    hashie (3.4.4)
    jwt (1.5.4)
    method_source (0.8.2)
    oauth (0.5.1)
    omniauth (1.3.1)
      hashie (>= 1.2, < 4)
      rack (>= 1.0, < 3)
    omniauth-mediawiki (0.0.2)
      jwt (~> 1.0)
      omniauth-oauth (~> 1.0)
    omniauth-oauth (1.1.0)
      oauth
      omniauth (~> 1.0)
    pry (0.10.3)
      coderay (~> 1.1.0)
      method_source (~> 0.8.1)
      slop (~> 3.4)
    puma (3.4.0)
    rack (1.6.4)
    rack-protection (1.5.3)
      rack
    sinatra (1.4.7)
      rack (~> 1.5)
      rack-protection (~> 1.4)
      tilt (>= 1.3, < 3)
    slop (3.6.0)
    tilt (2.0.5)

PLATFORMS
  ruby

DEPENDENCIES
  dotenv
  omniauth
  omniauth-mediawiki
  pry
  puma
  sinatra

BUNDLED WITH
   1.12.4
